GIT
  remote: git://github.com/wanliu/omniauth-wanliu.git
  revision: fd28572ffd2c4ce2594d31a5c2927e55581fe140
  specs:
    omniauth-wanliu (0.1.0)
      omniauth-oauth2 (~> 1.1.0)
      railties (~> 3.1)

GEM
  remote: https://rubygems.org/
  specs:
    actionmailer (3.2.8)
      actionpack (= 3.2.8)
      mail (~> 2.4.4)
    actionpack (3.2.8)
      activemodel (= 3.2.8)
      activesupport (= 3.2.8)
      builder (~> 3.0.0)
      erubis (~> 2.7.0)
      journey (~> 1.0.4)
      rack (~> 1.4.0)
      rack-cache (~> 1.2)
      rack-test (~> 0.6.1)
      sprockets (~> 2.1.3)
    activemodel (3.2.8)
      activesupport (= 3.2.8)
      builder (~> 3.0.0)
    activerecord (3.2.8)
      activemodel (= 3.2.8)
      activesupport (= 3.2.8)
      arel (~> 3.0.2)
      tzinfo (~> 0.3.29)
    activeresource (3.2.8)
      activemodel (= 3.2.8)
      activesupport (= 3.2.8)
    activesupport (3.2.8)
      i18n (~> 0.6)
      multi_json (~> 1.0)
    anjlab-bootstrap-rails (2.2.1.2)
      railties (>= 3.0)
      sass (>= 3.2)
    apotomo (1.2.3)
      cells (>= 3.6.7)
      hooks (~> 0.2.0)
      onfire (~> 0.2.0)
    arel (3.0.2)
    bson (1.7.1)
    builder (3.0.4)
    cache_digests (0.2.0)
      actionpack (>= 3.2)
    carrierwave (0.8.0)
      activemodel (>= 3.2.0)
      activesupport (>= 3.2.0)
    carrierwave-mongoid (0.1.0)
      carrierwave
      mongoid
    carrierwave-upyun (0.1.6)
      carrierwave (>= 0.5.7)
      rest-client (>= 1.6.7)
    cells (3.8.6)
      actionpack (~> 3.0)
      railties (~> 3.0)
    chunky_png (1.2.6)
    coffee-rails (3.2.2)
      coffee-script (>= 2.2.0)
      railties (~> 3.2.0)
    coffee-script (2.2.0)
      coffee-script-source
      execjs
    coffee-script-source (1.4.0)
    columnize (0.3.6)
    compass (0.12.2)
      chunky_png (~> 1.2)
      fssm (>= 0.2.7)
      sass (~> 3.1)
    compass-css-arrow (0.0.3)
      compass (>= 0.11)
    compass-h5bp (0.1.0)
      compass
    compass-rails (1.0.3)
      compass (>= 0.12.2, < 0.14)
    daemons (1.1.9)
    debugger (1.2.2)
      columnize (>= 0.3.1)
      debugger-linecache (~> 1.1.1)
      debugger-ruby_core_source (~> 1.1.5)
    debugger-linecache (1.1.2)
      debugger-ruby_core_source (>= 1.1.1)
    debugger-ruby_core_source (1.1.5)
    diff-lcs (1.1.3)
    erubis (2.7.0)
    eventmachine (1.0.0)
    execjs (1.4.0)
      multi_json (~> 1.0)
    faraday (0.8.4)
      multipart-post (~> 1.1)
    fssm (0.2.9)
    github-markup (0.7.4)
    hashie (1.2.0)
    hike (1.2.1)
    hirb (0.7.0)
    hooks (0.2.2)
    html5-rails (0.0.6)
      jquery-rails (>= 2.0)
      railties (~> 3.1)
      thor (~> 0.14)
    httpauth (0.2.0)
    i18n (0.6.1)
    journey (1.0.4)
    jquery-rails (2.1.3)
      railties (>= 3.1.0, < 5.0)
      thor (~> 0.14)
    json (1.7.5)
    jwt (0.1.5)
      multi_json (>= 1.0)
    libv8 (3.3.10.4)
    mail (2.4.4)
      i18n (>= 0.4.0)
      mime-types (~> 1.16)
      treetop (~> 1.4.8)
    mime-types (1.19)
    mini_magick (3.4)
      subexec (~> 0.2.1)
    mongo (1.7.0)
      bson (~> 1.7.0)
    mongoid (3.0.14)
      activemodel (~> 3.1)
      moped (~> 1.1)
      origin (~> 1.0)
      tzinfo (~> 0.3.22)
    mongoid-tree (1.0.1)
      mongoid (>= 3.0, <= 4.0)
    moped (1.3.0)
    multi_json (1.5.0)
    multipart-post (1.1.5)
    mysql (2.9.0)
    oauth2 (0.8.0)
      faraday (~> 0.8)
      httpauth (~> 0.1)
      jwt (~> 0.1.4)
      multi_json (~> 1.0)
      rack (~> 1.2)
    omniauth (1.1.1)
      hashie (~> 1.2)
      rack
    omniauth-oauth2 (1.1.1)
      oauth2 (~> 0.8.0)
      omniauth (~> 1.0)
    onfire (0.2.0)
    origin (1.0.11)
    polyglot (0.3.3)
    rack (1.4.1)
    rack-cache (1.2)
      rack (>= 0.4)
    rack-ssl (1.3.2)
      rack
    rack-test (0.6.2)
      rack (>= 1.0)
    rails (3.2.8)
      actionmailer (= 3.2.8)
      actionpack (= 3.2.8)
      activerecord (= 3.2.8)
      activeresource (= 3.2.8)
      activesupport (= 3.2.8)
      bundler (~> 1.0)
      railties (= 3.2.8)
    railties (3.2.8)
      actionpack (= 3.2.8)
      activesupport (= 3.2.8)
      rack-ssl (~> 1.3.2)
      rake (>= 0.8.7)
      rdoc (~> 3.4)
      thor (>= 0.14.6, < 2.0)
    rake (10.0.3)
    rb-readline (0.4.2)
    rdoc (3.12)
      json (~> 1.4)
    redcarpet (2.2.2)
    requirejs-rails (0.9.0)
      railties (>= 3.1.1, < 3.3)
    rest-client (1.6.7)
      mime-types (>= 1.16)
    rspec (2.12.0)
      rspec-core (~> 2.12.0)
      rspec-expectations (~> 2.12.0)
      rspec-mocks (~> 2.12.0)
    rspec-cells (0.1.6)
      cells (~> 3.4)
      railties (~> 3.0)
      rspec-rails (~> 2.2)
    rspec-core (2.12.0)
    rspec-expectations (2.12.0)
      diff-lcs (~> 1.1.3)
    rspec-mocks (2.12.0)
    rspec-rails (2.12.0)
      actionpack (>= 3.0)
      activesupport (>= 3.0)
      railties (>= 3.0)
      rspec-core (~> 2.12.0)
      rspec-expectations (~> 2.12.0)
      rspec-mocks (~> 2.12.0)
    sass (3.2.3)
    sass-rails (3.2.5)
      railties (~> 3.2.0)
      sass (>= 3.1.10)
      tilt (~> 1.3)
    simple_form (2.0.4)
      actionpack (~> 3.0)
      activemodel (~> 3.0)
    sprockets (2.1.3)
      hike (~> 1.2)
      rack (~> 1.0)
      tilt (~> 1.1, != 1.3.0)
    state_machine (1.1.2)
    subexec (0.2.2)
    therubyracer (0.10.2)
      libv8 (~> 3.3.10)
    thin (1.5.0)
      daemons (>= 1.0.9)
      eventmachine (>= 0.12.6)
      rack (>= 1.0.0)
    thor (0.16.0)
    tilt (1.3.3)
    treetop (1.4.12)
      polyglot
      polyglot (>= 0.3.1)
    tzinfo (0.3.35)
    uglifier (1.3.0)
      execjs (>= 0.3.0)
      multi_json (~> 1.0, >= 1.0.2)
    vfs (0.4.8)

PLATFORMS
  ruby

DEPENDENCIES
  anjlab-bootstrap-rails (>= 2.2)
  apotomo
  cache_digests
  carrierwave
  carrierwave-mongoid
  carrierwave-upyun
  coffee-rails (~> 3.2.1)
  compass-css-arrow
  compass-h5bp
  compass-rails
  debugger
  github-markup
  hirb
  html5-rails
  jquery-rails
  mini_magick
  mongo
  mongoid (~> 3.0.0)
  mongoid-tree
  mysql
  omniauth
  omniauth-oauth2
  omniauth-wanliu (= 0.1.0)!
  rails (= 3.2.8)
  rb-readline
  redcarpet
  requirejs-rails
  rest-client
  rspec
  rspec-cells
  rspec-rails
  sass-rails (~> 3.2.3)
  simple_form
  state_machine
  therubyracer
  thin
  uglifier (>= 1.0.3)
  vfs
