GIT
  remote: git://github.com/wanliu/omniauth-wanliu.git
  revision: fd28572ffd2c4ce2594d31a5c2927e55581fe140
  specs:
    omniauth-wanliu (0.1.0)
      omniauth-oauth2 (~> 1.1.0)
      railties (~> 3.1)

GEM
  remote: https://rubygems.org/
  specs:
    ac_uniquify (0.1.0)
    actionmailer (3.2.8)
      actionpack (= 3.2.8)
      mail (~> 2.4.4)
    actionpack (3.2.8)
      activemodel (= 3.2.8)
      activesupport (= 3.2.8)
      builder (~> 3.0.0)
      erubis (~> 2.7.0)
      journey (~> 1.0.4)
      rack (~> 1.4.0)
      rack-cache (~> 1.2)
      rack-test (~> 0.6.1)
      sprockets (~> 2.1.3)
    activemodel (3.2.8)
      activesupport (= 3.2.8)
      builder (~> 3.0.0)
    activerecord (3.2.8)
      activemodel (= 3.2.8)
      activesupport (= 3.2.8)
      arel (~> 3.0.2)
      tzinfo (~> 0.3.29)
    activeresource (3.2.8)
      activemodel (= 3.2.8)
      activesupport (= 3.2.8)
    activesupport (3.2.8)
      i18n (~> 0.6)
      multi_json (~> 1.0)
    addressable (2.3.2)
    amq-client (0.9.11)
      amq-protocol (>= 1.0.1)
      eventmachine
    amq-protocol (1.1.0)
    amqp (0.9.8)
      amq-client (~> 0.9.5)
      amq-protocol (>= 0.9.4)
      eventmachine
    ancestry (1.3.0)
      activerecord (>= 2.3.14)
    anjlab-bootstrap-rails (2.2.1.2)
      railties (>= 3.0)
      sass (>= 3.2)
    apotomo (1.2.3)
      cells (>= 3.6.7)
      hooks (~> 0.2.0)
      onfire (~> 0.2.0)
    arel (3.0.2)
    bourne (1.1.2)
      mocha (= 0.10.5)
    builder (3.0.4)
    cache_digests (0.2.0)
      actionpack (>= 3.2)
    capybara (2.0.2)
      mime-types (>= 1.16)
      nokogiri (>= 1.3.3)
      rack (>= 1.0.0)
      rack-test (>= 0.5.4)
      selenium-webdriver (~> 2.0)
      xpath (~> 1.0.0)
    carrierwave (0.8.0)
      activemodel (>= 3.2.0)
      activesupport (>= 3.2.0)
    carrierwave-mongoid (0.1.0)
      carrierwave
      mongoid
    carrierwave-upyun (0.1.6)
      carrierwave (>= 0.5.7)
      rest-client (>= 1.6.7)
    cells (3.8.6)
      actionpack (~> 3.0)
      railties (~> 3.0)
    childprocess (0.3.8)
      ffi (~> 1.0, >= 1.0.11)
    chunky_png (1.2.6)
    coderay (1.0.8)
    coffee-rails (3.2.2)
      coffee-script (>= 2.2.0)
      railties (~> 3.2.0)
    coffee-script (2.2.0)
      coffee-script-source
      execjs
    coffee-script-source (1.4.0)
    columnize (0.3.6)
    compass (0.12.2)
      chunky_png (~> 1.2)
      fssm (>= 0.2.7)
      sass (~> 3.1)
    compass-css-arrow (0.0.3)
      compass (>= 0.11)
    compass-h5bp (0.1.0)
      compass
    compass-rails (1.0.3)
      compass (>= 0.12.2, < 0.14)
    cookiejar (0.3.0)
    cucumber (1.2.1)
      builder (>= 2.1.2)
      diff-lcs (>= 1.1.3)
      gherkin (~> 2.11.0)
      json (>= 1.4.6)
    cucumber-rails (1.3.0)
      capybara (>= 1.1.2)
      cucumber (>= 1.1.8)
      nokogiri (>= 1.5.0)
    daemons (1.1.9)
    database_cleaner (0.9.1)
    debugger (1.2.2)
      columnize (>= 0.3.1)
      debugger-linecache (~> 1.1.1)
      debugger-ruby_core_source (~> 1.1.5)
    debugger-linecache (1.1.2)
      debugger-ruby_core_source (>= 1.1.1)
    debugger-ruby_core_source (1.1.5)
    diff-lcs (1.1.3)
    ejs (1.1.1)
    em-http-request (1.0.3)
      addressable (>= 2.2.3)
      cookiejar
      em-socksify
      eventmachine (>= 1.0.0.beta.4)
      http_parser.rb (>= 0.5.3)
    em-socksify (0.2.1)
      eventmachine (>= 1.0.0.beta.4)
    erubis (2.7.0)
    eventmachine (1.0.0)
    execjs (1.4.0)
      multi_json (~> 1.0)
    factory_girl (4.2.0)
      activesupport (>= 3.0.0)
    factory_girl_rails (4.2.1)
      factory_girl (~> 4.2.0)
      railties (>= 3.0.0)
    fakefs (0.4.2)
    faraday (0.8.4)
      multipart-post (~> 1.1)
    faye (0.8.8)
      cookiejar (>= 0.3.0)
      em-http-request (>= 0.3.0)
      eventmachine (>= 0.12.0)
      faye-websocket (>= 0.4.0)
      rack (>= 1.0.0)
      yajl-ruby (>= 1.0.0)
    faye-rails (1.0.6)
      eventmachine (~> 1.0.0)
      faye (~> 0.8.8)
    faye-websocket (0.4.6)
      eventmachine (>= 0.12.0)
    ffi (1.4.0)
    friendly_id (4.0.9)
    fssm (0.2.9)
    gherkin (2.11.5)
      json (>= 1.4.6)
    github-markup (0.7.4)
    growl (1.0.3)
    guard (1.6.2)
      listen (>= 0.6.0)
      lumberjack (>= 1.0.2)
      pry (>= 0.9.10)
      terminal-table (>= 1.4.3)
      thor (>= 0.14.6)
    guard-cucumber (1.3.2)
      cucumber (>= 1.2.0)
      guard (>= 1.1.0)
    guard-rspec (2.4.1)
      guard (>= 1.1)
      rspec (~> 2.11)
    guard-spork (1.4.2)
      childprocess (>= 0.2.3)
      guard (>= 1.1)
      spork (>= 0.8.4)
    hashie (1.2.0)
    hike (1.2.1)
    hirb (0.7.0)
    hooks (0.2.2)
    html5-rails (0.0.6)
      jquery-rails (>= 2.0)
      railties (~> 3.1)
      thor (~> 0.14)
    http_parser.rb (0.5.3)
    httpauth (0.2.0)
    i18n (0.6.1)
    jasmine (1.3.1)
      jasmine-core (~> 1.3.1)
      rack (~> 1.0)
      rspec (>= 1.3.1)
      selenium-webdriver (>= 0.1.3)
    jasmine-core (1.3.1)
    journey (1.0.4)
    jquery-rails (2.1.3)
      railties (>= 3.1.0, < 5.0)
      thor (~> 0.14)
    json (1.7.5)
    jwt (0.1.5)
      multi_json (>= 1.0)
    kaminari (0.14.1)
      actionpack (>= 3.0.0)
      activesupport (>= 3.0.0)
    libv8 (3.3.10.4)
    listen (0.7.2)
    lumberjack (1.0.2)
    mail (2.4.4)
      i18n (>= 0.4.0)
      mime-types (~> 1.16)
      treetop (~> 1.4.8)
    metaclass (0.0.1)
    method_source (0.8.1)
    mime-types (1.19)
    mini_magick (3.4)
      subexec (~> 0.2.1)
    mocha (0.10.5)
      metaclass (~> 0.0.1)
    mongoid (3.0.14)
      activemodel (~> 3.1)
      moped (~> 1.1)
      origin (~> 1.0)
      tzinfo (~> 0.3.22)
    mongoid-tree (1.0.1)
      mongoid (>= 3.0, <= 4.0)
    moped (1.3.0)
    multi_json (1.5.0)
    multipart-post (1.1.5)
    mysql2 (0.3.11)
    nokogiri (1.5.6)
    oauth2 (0.8.0)
      faraday (~> 0.8)
      httpauth (~> 0.1)
      jwt (~> 0.1.4)
      multi_json (~> 1.0)
      rack (~> 1.2)
    omniauth (1.1.1)
      hashie (~> 1.2)
      rack
    omniauth-oauth2 (1.1.1)
      oauth2 (~> 0.8.0)
      omniauth (~> 1.0)
    onfire (0.2.0)
    origin (1.0.11)
    polyglot (0.3.3)
    pry (0.9.12)
      coderay (~> 1.0.5)
      method_source (~> 0.8)
      slop (~> 3.4)
    rack (1.4.1)
    rack-cache (1.2)
      rack (>= 0.4)
    rack-raw-upload (1.1.1)
      multi_json
    rack-ssl (1.3.2)
      rack
    rack-test (0.6.2)
      rack (>= 1.0)
    rails (3.2.8)
      actionmailer (= 3.2.8)
      actionpack (= 3.2.8)
      activerecord (= 3.2.8)
      activeresource (= 3.2.8)
      activesupport (= 3.2.8)
      bundler (~> 1.0)
      railties (= 3.2.8)
    railties (3.2.8)
      actionpack (= 3.2.8)
      activesupport (= 3.2.8)
      rack-ssl (~> 1.3.2)
      rake (>= 0.8.7)
      rdoc (~> 3.4)
      thor (>= 0.14.6, < 2.0)
    rake (10.0.3)
    rb-fchange (0.0.6)
      ffi
    rb-fsevent (0.9.3)
    rb-inotify (0.9.0)
      ffi (>= 0.5.0)
    rb-readline (0.4.2)
    rdoc (3.12)
      json (~> 1.4)
    redcarpet (2.2.2)
    requirejs-rails (0.9.0)
      railties (>= 3.1.1, < 3.3)
    rest-client (1.6.7)
      mime-types (>= 1.16)
    rspec (2.12.0)
      rspec-core (~> 2.12.0)
      rspec-expectations (~> 2.12.0)
      rspec-mocks (~> 2.12.0)
    rspec-core (2.12.0)
    rspec-expectations (2.12.0)
      diff-lcs (~> 1.1.3)
    rspec-mocks (2.12.0)
    rspec-rails (2.12.0)
      actionpack (>= 3.0)
      activesupport (>= 3.0)
      railties (>= 3.0)
      rspec-core (~> 2.12.0)
      rspec-expectations (~> 2.12.0)
      rspec-mocks (~> 2.12.0)
    ruby_gntp (0.3.4)
    rubyzip (0.9.9)
    sass (3.2.3)
    sass-rails (3.2.5)
      railties (~> 3.2.0)
      sass (>= 3.1.10)
      tilt (~> 1.3)
    selenium-webdriver (2.29.0)
      childprocess (>= 0.2.5)
      multi_json (~> 1.0)
      rubyzip
      websocket (~> 1.0.4)
    shoulda-matchers (1.4.2)
      activesupport (>= 3.0.0)
      bourne (~> 1.1.2)
    simple_form (2.0.4)
      actionpack (~> 3.0)
      activemodel (~> 3.0)
    simplecov (0.7.1)
      multi_json (~> 1.0)
      simplecov-html (~> 0.7.1)
    simplecov-html (0.7.1)
    slop (3.4.3)
    spork (1.0.0rc3)
    sprockets (2.1.3)
      hike (~> 1.2)
      rack (~> 1.0)
      tilt (~> 1.1, != 1.3.0)
    state_machine (1.1.2)
    subexec (0.2.2)
    terminal-table (1.4.5)
    therubyracer (0.10.2)
      libv8 (~> 3.3.10)
    thin (1.5.0)
      daemons (>= 1.0.9)
      eventmachine (>= 0.12.6)
      rack (>= 1.0.0)
    thor (0.16.0)
    tilt (1.3.3)
    treetop (1.4.12)
      polyglot
      polyglot (>= 0.3.1)
    tzinfo (0.3.35)
    uglifier (1.3.0)
      execjs (>= 0.3.0)
      multi_json (~> 1.0, >= 1.0.2)
    vfs (0.4.8)
    websocket (1.0.7)
    xpath (1.0.0)
      nokogiri (~> 1.3)
    yajl-ruby (1.1.0)

PLATFORMS
  ruby

DEPENDENCIES
  ac_uniquify (~> 0.1.0)
  amqp (~> 0.9.0)
  ancestry (~> 1.3.0)
  anjlab-bootstrap-rails (>= 2.2)
  apotomo (~> 1.2.3)
  cache_digests (~> 0.2.0)
  carrierwave (~> 0.8.0)
  carrierwave-mongoid (~> 0.1.0)
  carrierwave-upyun (~> 0.1.6)
  coffee-rails (~> 3.2.1)
  compass-css-arrow (~> 0.0.3)
  compass-h5bp (~> 0.1.0)
  compass-rails (~> 1.0.3)
  cucumber-rails (~> 1.3.0)
  database_cleaner (~> 0.9.1)
  debugger (~> 1.2.2)
  ejs (~> 1.1.1)
  factory_girl_rails
  fakefs
  faye-rails (~> 1.0.6)
  friendly_id (~> 4.0.9)
  github-markup (~> 0.7.4)
  growl
  guard
  guard-cucumber
  guard-rspec
  guard-spork
  hirb (~> 0.7.0)
  html5-rails (~> 0.0.6)
  jasmine
  jquery-rails (~> 2.1.3)
  kaminari (~> 0.14.1)
  mini_magick (~> 3.4)
  mongoid (~> 3.0.0)
  mongoid-tree (~> 1.0.1)
  mysql2 (~> 0.3.11)
  omniauth (~> 1.1.1)
  omniauth-oauth2 (~> 1.1.1)
  omniauth-wanliu (= 0.1.0)!
  rack-raw-upload (~> 1.1.1)
  rails (= 3.2.8)
  rb-fchange
  rb-fsevent
  rb-inotify
  rb-readline (~> 0.4.2)
  redcarpet (~> 2.2.2)
  requirejs-rails (~> 0.9.0)
  rest-client (~> 1.6.7)
  rspec (~> 2.12.0)
  rspec-rails (~> 2.12.0)
  ruby_gntp
  sass-rails (~> 3.2.3)
  shoulda-matchers
  simple_form (~> 2.0.4)
  simplecov (~> 0.7.1)
  spork (~> 1.0rc)
  state_machine (~> 1.1.2)
  therubyracer (~> 0.10.2)
  thin (~> 1.5.0)
  uglifier (>= 1.0.3)
  vfs (~> 0.4.8)
